GEM
  remote: http://rubygems.org/
  specs:
    command-builder (0.1.0)
      hash-utils (>= 0.7.0)
    git (1.2.5)
    hash-utils (0.15.0)
    jeweler (1.5.2)
      bundler (~> 1.0.0)
      git (>= 1.2.5)
      rake
    lookup-hash (0.2.0)
      hash-utils (>= 0.11.0)
    pipe-run (0.2.1)
    rake (0.9.0)
    unix-whereis (0.1.0)
      command-builder (>= 0.1.0)
      hash-utils (>= 0.9.0)
      pipe-run (>= 0.1.0)

PLATFORMS
  ruby

DEPENDENCIES
  bundler (~> 1.0.0)
  command-builder (>= 0.1.0)
  hash-utils (>= 0.15.0)
  jeweler (~> 1.5.2)
  lookup-hash (>= 0.2.0)
  pipe-run (>= 0.2.1)
  unix-whereis (>= 0.1.0)
