PATH
  remote: .
  specs:
    jpegtran (0.1.3)
      command-builder (>= 0.2.0)
      hash-utils (>= 1.0.0)
      unix-whereis (>= 0.1.0)

GEM
  remote: http://rubygems.org/
  specs:
    command-builder (0.3.0)
      hash-utils (>= 0.18.0)
      pipe-run (>= 0.2.1)
    hash-utils (1.0.0)
      ruby-version
    pipe-run (0.3.0)
    ruby-version (0.3.1)
    unix-whereis (0.1.1)
      command-builder (>= 0.2.0)
      hash-utils (>= 0.18.0)

PLATFORMS
  ruby

DEPENDENCIES
  bundler
  jpegtran!
